GEM
  remote: https://rubygems.org/
  specs:
    addressable (2.3.7)
    bourbon (4.2.1)
      sass (~> 3.4)
      thor
    erubis (2.7.0)
    grater (0.1.5)
      sass (>= 3.2.0)
    hike (1.2.3)
    multi_json (1.11.0)
    rack (1.6.0)
    rack-canonical-host (0.1.0)
      addressable
      rack (~> 1.0)
    rack-protection (1.5.3)
      rack
    sass (3.4.13)
    shotgun (0.9.1)
      rack (>= 1.0)
    sinatra (1.4.5)
      rack (~> 1.4)
      rack-protection (~> 1.4)
      tilt (~> 1.3, >= 1.3.4)
    sinatra-basic-auth (0.1.0)
      sinatra
    sinatra-content-for2 (0.3)
      sinatra
    sprockets (2.12.3)
      hike (~> 1.2)
      multi_json (~> 1.0)
      rack (~> 1.0)
      tilt (~> 1.1, != 1.3.0)
    sprockets-sass (1.3.1)
      sprockets (~> 2.0)
      tilt (~> 1.1)
    thor (0.19.1)
    tilt (1.4.1)

PLATFORMS
  ruby

DEPENDENCIES
  bourbon
  erubis
  grater
  rack-canonical-host
  sass
  shotgun
  sinatra
  sinatra-basic-auth
  sinatra-content-for2
  sprockets
  sprockets-sass
